GEM
  remote: https://rubygems.org/
  specs:
    rack (1.6.0)
    rack-protection (1.5.3)
      rack
    sequel (4.39.0)
    sinatra (1.4.6)
      rack (~> 1.4)
      rack-protection (~> 1.4)
      tilt (>= 1.3, < 3)
    sinatra-sequel (0.9.0)
      sequel (>= 3.2.0)
      sinatra (>= 0.9.4)
    tilt (2.0.1)

PLATFORMS
  ruby

DEPENDENCIES
  sinatra-sequel

RUBY VERSION
   ruby 2.1.10p492

BUNDLED WITH
   1.13.2
